GEM
  remote: https://rubygems.org/
  specs:
    backports (3.3.0)
    chunky_png (1.2.8)
    compass (0.11.7)
      chunky_png (~> 1.2)
      fssm (>= 0.2.7)
      sass (~> 3.1)
    fssm (0.2.10)
    grid-coordinates (1.1.9)
      compass (>= 0.11.5)
    haml (3.1.8)
    json_pure (1.7.7)
    rack (1.4.5)
    rake (10.0.4)
    sass (3.1.21)
    shotgun (0.9)
      rack (>= 1.0)
    sinatra (1.2.9)
      backports
      rack (~> 1.1, < 1.5)
      tilt (>= 1.2.2, < 2.0)
    tilt (1.3.7)
    yql-query (1.1.1)

PLATFORMS
  ruby

DEPENDENCIES
  compass (~> 0.11.6)
  grid-coordinates (~> 1.1.4)
  haml (~> 3.1.4)
  json_pure
  rake
  sass (~> 3.1.12)
  shotgun (~> 0.9)
  sinatra (~> 1.2.3)
  yql-query
